GEM
  remote: http://rubygems.org/
  specs:
    rake (10.0.3)
    yard (0.8.5.2)

PLATFORMS
  x86-mingw32

DEPENDENCIES
  rake
  yard
