GEM
  remote: http://rubygems.org/
  specs:
    addressable (2.3.3)
    crack (0.3.2)
    hashie (2.0.2)
    rake (10.0.3)
    timecop (0.6.1)
    webmock (1.11.0)
      addressable (>= 2.2.7)
      crack (>= 0.3.2)
    yard (0.8.5.2)

PLATFORMS
  x86-mingw32

DEPENDENCIES
  hashie
  rake
  timecop
  webmock
  yard
